GEM
  remote: https://rubygems.org/
  specs:
    activesupport (5.0.1)
      concurrent-ruby (~> 1.0, >= 1.0.2)
      i18n (~> 0.7)
      minitest (~> 5.1)
      tzinfo (~> 1.1)
    concurrent-ruby (1.0.4)
    discordrb (3.1.1)
      activesupport
      opus-ruby
      rbnacl
      rest-client
      websocket-client-simple (>= 0.3.0)
    domain_name (0.5.20161129)
      unf (>= 0.0.5, < 1.0.0)
    event_emitter (0.2.5)
    faraday (0.11.0)
      multipart-post (>= 1.2, < 3)
    ffi (1.9.17-x64-mingw32)
    http-cookie (1.0.3)
      domain_name (~> 0.5)
    http_router (0.11.2)
      rack (>= 1.0.0)
      url_mount (~> 0.2.1)
    i18n (0.7.0)
    ice_nine (0.11.2)
    json (1.8.6)
    lita (4.7.1)
      bundler (>= 1.3)
      faraday (>= 0.8.7)
      http_router (>= 0.11.2)
      i18n (>= 0.6.9)
      ice_nine (>= 0.11.0)
      multi_json (>= 1.7.7)
      puma (>= 2.7.1)
      rack (>= 1.5.2, < 2.0.0)
      rb-readline (>= 0.5.1)
      redis-namespace (>= 1.3.0)
      thor (>= 0.18.1)
    lita-awyiss (0.1.1)
      json (~> 1.8)
      lita (~> 4, >= 4.0.0)
    lita-diabetter (1.2.6)
    lita-dice (0.0.1)
      lita (>= 2.7)
    lita-discord_oauth (1.1.0)
      discordrb (>= 3.1.1)
    lita-excuses (0.0.6)
      lita (>= 2.2)
      nokogiri
    mime-types (3.1)
      mime-types-data (~> 3.2015)
    mime-types-data (3.2016.0521)
    mini_portile2 (2.1.0)
    minitest (5.10.1)
    multi_json (1.12.1)
    multipart-post (2.0.0)
    netrc (0.11.0)
    nokogiri (1.7.0.1-x64-mingw32)
      mini_portile2 (~> 2.1.0)
    opus-ruby (1.0.1)
      ffi
    puma (3.6.2)
    rack (1.6.5)
    rb-readline (0.5.3)
    rbnacl (4.0.1)
      ffi
    redis (3.3.2)
    redis-namespace (1.5.2)
      redis (~> 3.0, >= 3.0.4)
    rest-client (2.0.0-x64-mingw32)
      ffi (~> 1.9)
      http-cookie (>= 1.0.2, < 2.0)
      mime-types (>= 1.16, < 4.0)
      netrc (~> 0.8)
    thor (0.19.4)
    thread_safe (0.3.5)
    tzinfo (1.2.2)
      thread_safe (~> 0.1)
    unf (0.1.4)
      unf_ext
    unf_ext (0.0.7.2-x64-mingw32)
    url_mount (0.2.1)
      rack
    websocket (1.2.3)
    websocket-client-simple (0.3.0)
      event_emitter
      websocket

PLATFORMS
  x64-mingw32

DEPENDENCIES
  lita
  lita-awyiss
  lita-diabetter
  lita-dice
  lita-discord_oauth
  lita-excuses

BUNDLED WITH
   1.13.7
